GIT
  remote: git://github.com/abscondment/pindah.git
  revision: ff3c7c2dd85683693cc738dd9bc378b54979e7a9
  specs:
    pindah (0.1.3.dev)
      mirah (>= 0.0.10.dev)

GIT
  remote: git://github.com/mirah/mirah.git
  revision: cb105418bb5ae5e3a40165f3983e567eb349243b
  specs:
    mirah (0.0.12.dev-java)
      bitescript (>= 0.0.8)

GEM
  remote: http://rubygems.org/
  specs:
    bitescript (0.1.0)
    rake (0.9.2.2)

PLATFORMS
  java

DEPENDENCIES
  mirah!
  pindah!
  rake
